GIT
  remote: git@github.com:newrelic-platform/newrelic_plugin.git
  revision: 1bc791178252f337be64de6c4b6af753881c8484
  branch: release
  specs:
    newrelic_plugin (1.0.0)
      faraday (>= 0.8.1)
      json

GEM
  remote: https://rubygems.org/
  specs:
    builder (3.2.0)
    faraday (0.8.7)
      multipart-post (~> 1.1)
    json (1.8.0)
    jwt (0.1.8)
      multi_json (>= 1.5)
    multi_json (1.7.3)
    multipart-post (1.2.0)
    twilio-ruby (3.9.0)
      builder (>= 2.1.2)
      jwt (>= 0.1.2)
      multi_json (>= 1.3.0)

PLATFORMS
  ruby

DEPENDENCIES
  newrelic_plugin!
  twilio-ruby (= 3.9.0)
